PATH
  remote: .
  specs:
    rubytree (1.0.1)
      json (~> 2.3)
      structured_warnings (~> 0.4.0)

GEM
  remote: https://rubygems.org/
  specs:
    ast (2.4.2)
    coveralls (0.8.23)
      json (>= 1.8, < 3)
      simplecov (~> 0.16.1)
      term-ansicolor (~> 1.3)
      thor (>= 0.19.4, < 2.0)
      tins (~> 1.6)
    diff-lcs (1.4.4)
    docile (1.4.0)
    json (2.5.1)
    parallel (1.21.0)
    parser (3.0.2.0)
      ast (~> 2.4.1)
    power_assert (2.0.1)
    rainbow (3.0.0)
    rake (13.0.6)
    rdoc (6.2.1)
    regexp_parser (2.1.1)
    rexml (3.2.5)
    rspec (3.10.0)
      rspec-core (~> 3.10.0)
      rspec-expectations (~> 3.10.0)
      rspec-mocks (~> 3.10.0)
    rspec-core (3.10.1)
      rspec-support (~> 3.10.0)
    rspec-expectations (3.10.1)
      diff-lcs (>= 1.2.0, < 2.0)
      rspec-support (~> 3.10.0)
    rspec-mocks (3.10.2)
      diff-lcs (>= 1.2.0, < 2.0)
      rspec-support (~> 3.10.0)
    rspec-support (3.10.2)
    rtags (0.97)
    rtagstask (0.0.4)
      rtags (> 0.0.0)
    rubocop (1.22.0)
      parallel (~> 1.10)
      parser (>= 3.0.0.0)
      rainbow (>= 2.2.2, < 4.0)
      regexp_parser (>= 1.8, < 3.0)
      rexml
      rubocop-ast (>= 1.12.0, < 2.0)
      ruby-progressbar (~> 1.7)
      unicode-display_width (>= 1.4.0, < 3.0)
    rubocop-ast (1.12.0)
      parser (>= 3.0.1.1)
    ruby-progressbar (1.11.0)
    simplecov (0.16.1)
      docile (~> 1.1)
      json (>= 1.8, < 3)
      simplecov-html (~> 0.10.0)
    simplecov-html (0.10.2)
    structured_warnings (0.4.0)
    sync (0.5.0)
    term-ansicolor (1.7.1)
      tins (~> 1.0)
    test-unit (3.3.9)
      power_assert
    thor (1.1.0)
    tins (1.29.1)
      sync
    unicode-display_width (2.1.0)
    yard (0.9.26)

PLATFORMS
  ruby

DEPENDENCIES
  bundler (~> 1.17)
  coveralls (>= 0.8.23)
  rake (>= 13.0.1)
  rdoc (~> 6.2.1)
  rspec (>= 3.9.0)
  rtagstask (~> 0.0.4)
  rubocop
  rubytree!
  test-unit (~> 3.3.6)
  yard (~> 0.9.25)

BUNDLED WITH
   1.17.3
